GEM
  remote: https://rubygems.org/
  specs:
    awesome_print (1.2.0)
    coderay (1.1.0)
    columnize (0.3.6)
    debugger (1.6.2)
      columnize (>= 0.3.1)
      debugger-linecache (~> 1.2.0)
      debugger-ruby_core_source (~> 1.2.3)
    debugger-linecache (1.2.0)
    debugger-ruby_core_source (1.2.3)
    ffi (1.2.1)
    method_source (0.8.2)
    mini_portile (0.5.2)
    nokogiri (1.6.0)
      mini_portile (~> 0.5.0)
    pry (0.9.12.3)
      coderay (~> 1.0)
      method_source (~> 0.8)
      slop (~> 3.4)
    sanitize (2.0.6)
      nokogiri (>= 1.4.4)
    slop (3.4.6)
    tidy_ffi (0.1.5)
      ffi (~> 1.2.0)

PLATFORMS
  ruby

DEPENDENCIES
  awesome_print
  debugger
  nokogiri
  pry
  sanitize
  tidy_ffi
